GEM
  remote: https://rubygems.org/
  specs:
    eventmachine (1.2.7)

PLATFORMS
  ruby

DEPENDENCIES
  bundler
  eventmachine

BUNDLED WITH
   1.17.2
